GIT
  remote: https://github.com/24c02/airrecord.git
  revision: 5ae56c166b29f4ae2723edce99970e9c8e0d59a3
  specs:
    airrecord (1.1.0)
      faraday (>= 1.0, < 3.0)
      faraday-net_http_persistent
      net-http-persistent

PATH
  remote: .
  specs:
    aircts_as_state_machine (0.1)
      airrecord

GEM
  remote: https://rubygems.org/
  specs:
    aasm (5.5.0)
      concurrent-ruby (~> 1.0)
    ast (2.4.2)
    concurrent-ruby (1.3.4)
    connection_pool (2.4.1)
    faraday (2.12.1)
      faraday-net_http (>= 2.0, < 3.5)
      json
      logger
    faraday-net_http (3.4.0)
      net-http (>= 0.5.0)
    faraday-net_http_persistent (2.3.0)
      faraday (~> 2.5)
      net-http-persistent (>= 4.0.4, < 5)
    json (2.8.2)
    language_server-protocol (3.17.0.3)
    logger (1.6.1)
    net-http (0.5.0)
      uri
    net-http-persistent (4.0.4)
      connection_pool (~> 2.2)
    parallel (1.26.3)
    parser (3.3.6.0)
      ast (~> 2.4.1)
      racc
    racc (1.8.1)
    rainbow (3.1.1)
    rake (13.2.1)
    regexp_parser (2.9.2)
    rubocop (1.68.0)
      json (~> 2.3)
      language_server-protocol (>= 3.17.0)
      parallel (~> 1.10)
      parser (>= 3.3.0.2)
      rainbow (>= 2.2.2, < 4.0)
      regexp_parser (>= 2.4, < 3.0)
      rubocop-ast (>= 1.32.2, < 2.0)
      ruby-progressbar (~> 1.7)
      unicode-display_width (>= 2.4.0, < 3.0)
    rubocop-ast (1.36.1)
      parser (>= 3.3.1.0)
    ruby-progressbar (1.13.0)
    unicode-display_width (2.6.0)
    uri (1.0.2)

PLATFORMS
  arm64-darwin-23
  ruby

DEPENDENCIES
  aasm (~> 5.5)
  aircts_as_state_machine!
  airrecord!
  rake (~> 13.0)
  rubocop (~> 1.21)

BUNDLED WITH
   2.5.17
